GEM
  remote: https://rubygems.org/
  specs:
    json (1.7.5)
    oauth (0.4.7)
    sqlite3 (1.3.6)

PLATFORMS
  ruby

DEPENDENCIES
  json
  oauth
  sqlite3
